GEM
  remote: https://rubygems.org/
  specs:
    highline (1.7.8)
    json (2.0.2)
    mecab (0.996)
    oauth (0.5.1)
    rack (1.6.4)
    rack-protection (1.5.3)
      rack
    rubytter (1.5.1)
      json (>= 1.1.3)
      oauth (>= 0.3.6)
    sinatra (1.4.7)
      rack (~> 1.5)
      rack-protection (~> 1.4)
      tilt (>= 1.3, < 3)
    tilt (2.0.5)

PLATFORMS
  ruby

DEPENDENCIES
  highline
  mecab
  rubytter
  sinatra

BUNDLED WITH
   1.11.2
